GEM
  remote: https://rubygems.org/
  specs:
    awesome_print (1.0.1)
    coderay (0.9.8)
    diff-lcs (1.1.3)
    method_source (0.6.7)
      ruby_parser (>= 2.3.1)
    mustache (0.99.4)
    pry (0.9.7.4)
      coderay (~> 0.9.8)
      method_source (~> 0.6.7)
      ruby_parser (>= 2.3.1)
      slop (~> 2.1.0)
    rack (1.3.5)
    rack-protection (1.1.4)
      rack
    rack-test (0.6.1)
      rack (>= 1.0)
    racksh (0.9.10)
      rack (>= 1.0)
      rack-test (>= 0.5)
    rspec (2.7.0)
      rspec-core (~> 2.7.0)
      rspec-expectations (~> 2.7.0)
      rspec-mocks (~> 2.7.0)
    rspec-core (2.7.1)
    rspec-expectations (2.7.0)
      diff-lcs (~> 1.1.2)
    rspec-mocks (2.7.0)
    ruby_parser (2.3.1)
      sexp_processor (~> 3.0)
    sexp_processor (3.0.8)
    sinatra (1.3.1)
      rack (~> 1.3, >= 1.3.4)
      rack-protection (~> 1.1, >= 1.1.2)
      tilt (~> 1.3, >= 1.3.3)
    slop (2.1.0)
    tilt (1.3.3)

PLATFORMS
  ruby

DEPENDENCIES
  awesome_print
  mustache (~> 0.99)
  pry
  rack-test (~> 0.6)
  racksh
  rspec (~> 2.7)
  sinatra (~> 1.3)
