GEM
  remote: http://rubygems.org/
  specs:
    json (1.6.3)
    jwt (0.1.4)
      json (>= 1.2.4)

PLATFORMS
  ruby

DEPENDENCIES
  jwt
